ObjectType = Image
NDims = 3
BinaryData = True
BinaryDataByteOrderMSB = False
CompressedData = False
TransformMatrix = 1 0 0 0 1 0 0 0 1
Offset = -110.681 -70.4412 220.08
CenterOfRotation = 0 0 0
AnatomicalOrientation = RAI
ElementSpacing = 0.703125 0.703125 1.25
DimSize = 20 20 6
ElementType = MET_SHORT
ElementDataFile = 155899_x0y-1z0_20x20x6_z180_1.raw
