ObjectType = Image
NDims = 3
BinaryData = True
BinaryDataByteOrderMSB = False
CompressedData = False
TransformMatrix = 1 0 0 0 1 0 0 0 1
Offset = 46.0306 68.4406 41.53
CenterOfRotation = 0 0 0
AnatomicalOrientation = RAI
ElementSpacing = 0.585938 0.585938 1.25
DimSize = 20 20 6
ElementType = MET_SHORT
ElementDataFile = 18998_x0y0z0_20x20x6_r0_0.raw
