ObjectType = Image
NDims = 3
BinaryData = True
BinaryDataByteOrderMSB = False
CompressedData = False
TransformMatrix = 1 0 0 0 1 0 0 0 1
Offset = -73.8194 36.2006 -35.68
CenterOfRotation = 0 0 0
AnatomicalOrientation = RAI
ElementSpacing = 0.585938 0.585938 1.25
DimSize = 20 20 6
ElementType = MET_SHORT
ElementDataFile = 19298_x0y0z0_20x20x6_r0_0.raw
