ObjectType = Image
NDims = 3
BinaryData = True
BinaryDataByteOrderMSB = False
CompressedData = False
TransformMatrix = 1 0 0 0 1 0 0 0 1
Offset = -53.438 90.8986 -48.4705
CenterOfRotation = 0 0 0
AnatomicalOrientation = RAI
ElementSpacing = 0.742188 0.742188 0.625
DimSize = 20 20 6
ElementType = MET_SHORT
ElementDataFile = 19808_x0y0z0_20x20x6_r0_0.raw
