ObjectType = Image
NDims = 3
BinaryData = True
BinaryDataByteOrderMSB = False
CompressedData = False
TransformMatrix = 1 0 0 0 1 0 0 0 1
Offset = 128.888 -123.35 -183.765
CenterOfRotation = 0 0 0
AnatomicalOrientation = RAI
ElementSpacing = 0.742188 0.742188 0.625
DimSize = 20 20 6
ElementType = MET_SHORT
ElementDataFile = 20046_x-1y0z0_20x20x6_f90_1.raw
