ObjectType = Image
NDims = 3
BinaryData = True
BinaryDataByteOrderMSB = False
CompressedData = False
TransformMatrix = 1 0 0 0 1 0 0 0 1
Offset = 67.6188 -12.6581 -197.105
CenterOfRotation = 0 0 0
AnatomicalOrientation = RAI
ElementSpacing = 0.703125 0.703125 0.625
DimSize = 20 20 6
ElementType = MET_SHORT
ElementDataFile = 25637_x0y1z0_20x20x6_f180_1.raw
