ObjectType = Image
NDims = 3
BinaryData = True
BinaryDataByteOrderMSB = False
CompressedData = False
TransformMatrix = 1 0 0 0 1 0 0 0 1
Offset = 67.6188 -0.70125 193.98
CenterOfRotation = 0 0 0
AnatomicalOrientation = RAI
ElementSpacing = 0.703125 0.703125 0.625
DimSize = 20 20 6
ElementType = MET_SHORT
ElementDataFile = 25637_x0y0z1_20x20x6_z180_1.raw
