ObjectType = Image
NDims = 3
BinaryData = True
BinaryDataByteOrderMSB = False
CompressedData = False
TransformMatrix = 1 0 0 0 1 0 0 0 1
Offset = -28.3423 -74.7423 -171.65
CenterOfRotation = 0 0 0
AnatomicalOrientation = RAI
ElementSpacing = 0.615234 0.615234 2.5
DimSize = 20 20 6
ElementType = MET_SHORT
ElementDataFile = 39533_x0y0z0_20x20x6_r0_0.raw
