ObjectType = Image
NDims = 3
BinaryData = True
BinaryDataByteOrderMSB = False
CompressedData = False
TransformMatrix = 1 0 0 0 1 0 0 0 1
Offset = 36.0956 192.706 -586.07
CenterOfRotation = 0 0 0
AnatomicalOrientation = RAI
ElementSpacing = 0.523438 0.523438 1
DimSize = 20 20 6
ElementType = MET_SHORT
ElementDataFile = 529751_x0y0z0_20x20x6_r0_0.raw
