ObjectType = Image
NDims = 3
BinaryData = True
BinaryDataByteOrderMSB = False
CompressedData = False
TransformMatrix = 1 0 0 0 1 0 0 0 1
Offset = -142.14 53.9175 -176.804
CenterOfRotation = 0 0 0
AnatomicalOrientation = RAI
ElementSpacing = 0.664062 0.664062 2
DimSize = 20 20 6
ElementType = MET_SHORT
ElementDataFile = 548297_x0y0z0_20x20x6_r0_0.raw
