ObjectType = Image
NDims = 3
BinaryData = True
BinaryDataByteOrderMSB = False
CompressedData = False
TransformMatrix = 1 0 0 0 1 0 0 0 1
Offset = -40.2583 41.5182 -116.448
CenterOfRotation = 0 0 0
AnatomicalOrientation = RAI
ElementSpacing = 0.664062 0.664062 2
DimSize = 20 20 6
ElementType = MET_SHORT
ElementDataFile = 548325_x0y0z0_20x20x6_r0_0.raw
