ObjectType = Image
NDims = 3
BinaryData = True
BinaryDataByteOrderMSB = False
CompressedData = False
TransformMatrix = 1 0 0 0 1 0 0 0 1
Offset = -16.4439 -102.296 -117.31
CenterOfRotation = 0 0 0
AnatomicalOrientation = RAI
ElementSpacing = 0.644531 0.644531 0.625
DimSize = 20 20 6
ElementType = MET_SHORT
ElementDataFile = 89374_x0y0z0_20x20x6_f270_1.raw
